PATH
  remote: .
  specs:
    distributed_task (0.1.2)
      grpc (~> 1.41)
      grpc-tools (~> 1.41)
      gruf (~> 2.10)

GEM
  remote: https://rubygems.org/
  specs:
    activesupport (6.1.4.1)
      concurrent-ruby (~> 1.0, >= 1.0.2)
      i18n (>= 1.6, < 2)
      minitest (>= 5.1)
      tzinfo (~> 2.0)
      zeitwerk (~> 2.3)
    concurrent-ruby (1.1.9)
    diff-lcs (1.4.4)
    e2mmap (0.1.0)
    google-protobuf (3.19.0-x86_64-darwin)
    googleapis-common-protos-types (1.3.0)
      google-protobuf (~> 3.14)
    grpc (1.41.0-universal-darwin)
      google-protobuf (~> 3.17)
      googleapis-common-protos-types (~> 1.0)
    grpc-tools (1.41.0)
    gruf (2.10.0)
      activesupport (> 4)
      concurrent-ruby (> 1)
      e2mmap (~> 0.1)
      grpc (~> 1.10)
      grpc-tools (~> 1.10)
      json (>= 2.3)
      slop (~> 4.6)
      thwait (~> 0.1)
    i18n (1.8.10)
      concurrent-ruby (~> 1.0)
    json (2.6.1)
    minitest (5.14.4)
    rake (13.0.6)
    rspec (3.10.0)
      rspec-core (~> 3.10.0)
      rspec-expectations (~> 3.10.0)
      rspec-mocks (~> 3.10.0)
    rspec-core (3.10.1)
      rspec-support (~> 3.10.0)
    rspec-expectations (3.10.1)
      diff-lcs (>= 1.2.0, < 2.0)
      rspec-support (~> 3.10.0)
    rspec-mocks (3.10.2)
      diff-lcs (>= 1.2.0, < 2.0)
      rspec-support (~> 3.10.0)
    rspec-support (3.10.2)
    slop (4.9.1)
    thwait (0.2.0)
      e2mmap
    tzinfo (2.0.4)
      concurrent-ruby (~> 1.0)
    zeitwerk (2.5.1)

PLATFORMS
  x86_64-darwin-18

DEPENDENCIES
  distributed_task!
  grpc (~> 1.41)
  grpc-tools (~> 1.41)
  gruf (~> 2.10)
  rake (~> 13.0)
  rspec (~> 3.0)

BUNDLED WITH
   2.2.29
